GEM
  remote: https://rubygems.org/
  specs:
    active_model_serializers (0.9.5)
      activemodel (>= 3.2)
    activemodel (5.0.0.1)
      activesupport (= 5.0.0.1)
    activesupport (5.0.0.1)
      concurrent-ruby (~> 1.0, >= 1.0.2)
      i18n (~> 0.7)
      minitest (~> 5.1)
      tzinfo (~> 1.1)
    backports (3.6.8)
    bson (4.1.1)
    concurrent-ruby (1.0.2)
    dotenv (2.1.1)
    git-version-bump (0.15.1)
    i18n (0.7.0)
    minitest (5.9.1)
    mongo (2.3.0)
      bson (~> 4.1)
    mongoid (6.0.0)
      activemodel (~> 5.0)
      mongo (~> 2.3)
    multi_json (1.12.1)
    rack (1.6.4)
    rack-contrib (1.4.0)
      git-version-bump (~> 0.15)
      rack (~> 1.4)
    rack-protection (1.5.3)
      rack
    rack-test (0.6.3)
      rack (>= 1.0)
    shotgun (0.9.2)
      rack (>= 1.0)
    sinatra (1.4.7)
      rack (~> 1.5)
      rack-protection (~> 1.4)
      tilt (>= 1.3, < 3)
    sinatra-contrib (1.4.7)
      backports (>= 2.0)
      multi_json
      rack-protection
      rack-test
      sinatra (~> 1.4.0)
      tilt (>= 1.3, < 3)
    sinatra-initializers (0.1.4)
    sinatra-param (1.4.0)
      sinatra (~> 1.3)
    thread_safe (0.3.5)
    tilt (2.0.5)
    tzinfo (1.2.2)
      thread_safe (~> 0.1)

PLATFORMS
  ruby

DEPENDENCIES
  active_model_serializers
  dotenv
  mongoid
  rack-contrib
  shotgun
  sinatra
  sinatra-contrib
  sinatra-initializers
  sinatra-param

BUNDLED WITH
   1.13.2
